GEM
  remote: https://rubygems.org/
  specs:
    commonjs (0.2.6)
    haml (4.0.2)
      tilt
    less (2.3.2)
      commonjs (~> 0.2.6)
    puma (1.6.3)
      rack (~> 1.2)
    rack (1.5.2)
    rack-protection (1.5.0)
      rack
    sinatra (1.4.2)
      rack (~> 1.5, >= 1.5.2)
      rack-protection (~> 1.4)
      tilt (~> 1.3, >= 1.3.4)
    sinatra-base (1.4.0)
      rack (~> 1.3, >= 1.3.6)
      rack-protection (~> 1.2)
      tilt (~> 1.3, >= 1.3.3)
    sinatra-partial (0.4.0)
      sinatra
    sinatra-session (1.0.0)
      sinatra (>= 1.0)
    sinatra-static-assets (1.0.4)
      sinatra (>= 1.1.0)
    tilt (1.4.0)

PLATFORMS
  ruby

DEPENDENCIES
  haml
  less
  puma
  sinatra
  sinatra-base
  sinatra-partial
  sinatra-session
  sinatra-static-assets
